GEM
  remote: http://rubygems.org/
  specs:
    activesupport (3.0.10)
    git (1.2.5)
    i18n (0.6.0)
    jeweler (1.6.4)
      bundler (~> 1.0)
      git (>= 1.2.5)
      rake
    rake (0.9.2)
    rcov (0.9.10)
    rdoc (3.9.4)
    shoulda (2.11.3)
    yajl-ruby (0.8.2)

PLATFORMS
  ruby

DEPENDENCIES
  activesupport (= 3.0.10)
  bundler (~> 1.0.0)
  i18n (= 0.6.0)
  jeweler (~> 1.6.4)
  rcov
  rdoc
  shoulda
  yajl-ruby (= 0.8.2)
